PATH
  remote: .
  specs:
    roo (1.10.2)
      google_drive (~> 0.3.1)
      nokogiri (>= 1.5.5)
      rubyzip (>= 0.9.9)
      spreadsheet (> 0.6.4)

GEM
  remote: http://rubygems.org/
  specs:
    activesupport (3.2.8)
      i18n (~> 0.6)
      multi_json (~> 1.0)
    bones (3.8.0)
      little-plugger (~> 1.1.3)
      loquacious (~> 1.9.1)
      rake (>= 0.8.7)
    faraday (0.8.1)
      multipart-post (~> 1.1)
    google_drive (0.3.1)
      nokogiri (>= 1.4.4, != 1.5.2, != 1.5.1)
      oauth (>= 0.3.6)
      oauth2 (>= 0.5.0)
    httpauth (0.2.0)
    i18n (0.6.1)
    little-plugger (1.1.3)
    loquacious (1.9.1)
    multi_json (1.3.6)
    multipart-post (1.1.5)
    nokogiri (1.5.5)
    oauth (0.4.7)
    oauth2 (0.6.1)
      faraday (~> 0.7)
      httpauth (~> 0.1)
      multi_json (~> 1.3)
    rake (0.9.2.2)
    ruby-ole (1.2.11.4)
    rubyzip (0.9.9)
    shoulda (3.1.1)
      shoulda-context (~> 1.0)
      shoulda-matchers (~> 1.2)
    shoulda-context (1.0.0)
    shoulda-matchers (1.3.0)
      activesupport (>= 3.0.0)
    spreadsheet (0.7.3)
      ruby-ole (>= 1.0)

PLATFORMS
  java
  ruby

DEPENDENCIES
  bones (>= 3.8.0)
  roo!
  shoulda (>= 3.1.1)
